GEM
  remote: http://rubygems.org/
  specs:
    ffi (1.9.0)
    hallon (0.18.2)
      ffi (~> 1.8)
      spotify (~> 12.5.1)
      weak_observable (~> 1.0)
    hallon-openal (1.0.1)
      hallon (~> 0.13)
    json (1.8.0)
    libspotify (12.1.51.3)
    ref (1.0.5)
    spotify (12.5.2)
      ffi (~> 1.0, >= 1.0.11)
      libspotify (~> 12.1.51)
    weak_observable (1.0.1)
      ref (~> 1.0.0)

PLATFORMS
  ruby

DEPENDENCIES
  hallon
  hallon-openal
  json
